GEM
  remote: https://rubygems.org/
  specs:
    httparty (0.14.0)
      multi_xml (>= 0.5.2)
    mini_portile2 (2.1.0)
    multi_xml (0.6.0)
    nokogiri (1.7.0.1-x86-mingw32)
      mini_portile2 (~> 2.1.0)

PLATFORMS
  x86-mingw32

DEPENDENCIES
  httparty
  nokogiri

BUNDLED WITH
   1.14.3
